GEM
  remote: https://rubygems.org/
  specs:
    jenkins-plugin-runtime (0.2.3)
      json
      slop (~> 3.0.2)
    jenkins-war (1.514)
    jpi (0.3.8)
      bundler
      jenkins-plugin-runtime (~> 0.2.3)
      jenkins-war (> 1.427)
      rubyzip
      thor
    json (1.8.0-java)
    rubyzip (0.9.9)
    slop (3.0.4)
    thor (0.18.1)

PLATFORMS
  java

DEPENDENCIES
  jenkins-plugin-runtime (~> 0.2.3)
  jpi
